PATH
  remote: .
  specs:
    factorial-presto-parser (1.0.4)
      rice (~> 4.0)

GEM
  remote: https://rubygems.org/
  specs:
    antlr4-native (2.2.0)
      rice (~> 4.0)
    byebug (11.1.3)
    coderay (1.1.3)
    method_source (1.0.0)
    pry (0.13.1)
      coderay (~> 1.1)
      method_source (~> 1.0)
    pry-byebug (3.9.0)
      byebug (~> 11.0)
      pry (~> 0.13.0)
    rake (13.0.6)
    rice (4.0.4)

PLATFORMS
  arm64-darwin-21
  ruby

DEPENDENCIES
  antlr4-native (~> 2.0)
  factorial-presto-parser!
  pry-byebug
  rake

BUNDLED WITH
   2.2.22
